GEM
  remote: http://rubygems.org/
  specs:
    addressable (2.2.6)
    faraday (0.6.1)
      addressable (~> 2.2.4)
      multipart-post (~> 1.1.0)
      rack (>= 1.1.0, < 2)
    json (1.5.3)
    mime-types (1.16)
    multi_json (1.0.3)
    multipart-post (1.1.2)
    oauth2 (0.4.1)
      faraday (~> 0.6.1)
      multi_json (>= 0.0.5)
    rack (1.3.0)
    rest-client (1.6.3)
      mime-types (>= 1.16)
    sinatra (1.2.6)
      rack (~> 1.1)
      tilt (>= 1.2.2, < 2.0)
    sinatra_auth_github (0.0.16)
      rest-client (~> 1.6.1)
      sinatra (~> 1.0)
      warden-github (~> 0.0.9)
    tilt (1.3.2)
    warden (1.0.4)
      rack (>= 1.0)
    warden-github (0.0.9)
      json (~> 1.5)
      oauth2 (~> 0.4.1)
      warden (~> 1.0.4)

PLATFORMS
  ruby

DEPENDENCIES
  sinatra
  sinatra_auth_github
